GEM
  remote: https://rubygems.org/
  specs:
    minitest (3.1.0)

PLATFORMS
  ruby

DEPENDENCIES
  minitest
